GIT
  remote: git://github.com/guard/guard-livereload.git
  revision: c34414d8839b66201be46a84c93e54fa8816de02
  specs:
    guard-livereload (1.1.3)
      em-websocket (>= 0.2.0)
      guard (>= 1.5.0)
      multi_json (~> 1.0)

GIT
  remote: git://github.com/guard/guard.git
  revision: 0aa366f368ed938b51cf08b8040486bbb1aec08d
  specs:
    guard (1.6.2)
      listen (>= 0.6.0)
      lumberjack (>= 1.0.2)
      pry (>= 0.9.10)
      terminal-table (>= 1.4.3)
      thor (>= 0.14.6)

GIT
  remote: git://github.com/nex3/rb-inotify.git
  revision: 6a8f19cf31cb84783ddfb99aebe4cb16f34e5219
  specs:
    rb-inotify (0.9.0)
      ffi (>= 0.5.0)

GIT
  remote: git://github.com/ruhoh/ruhoh.rb.git
  revision: af92ff0acb12aa64b36eb997eae88931170ddb7c
  specs:
    ruhoh (2.0.alpha.3)
      directory_watcher (~> 1.4)
      mustache (~> 0.99)
      nokogiri (~> 1.5)
      rack (~> 1.4)
      redcarpet (~> 2.1)

GEM
  remote: https://rubygems.org/
  specs:
    coderay (1.0.9)
    directory_watcher (1.4.1)
    em-websocket (0.4.0)
      eventmachine (>= 0.12.9)
      http_parser.rb (~> 0.5.3)
    eventmachine (1.0.0)
    eventmachine (1.0.0-x86-mingw32)
    ffi (1.4.0)
    http_parser.rb (0.5.3)
    http_parser.rb (0.5.3-x86-mingw32)
    kramdown (0.14.2)
    listen (0.7.3)
    lumberjack (1.0.2)
    method_source (0.8.1)
    multi_json (1.6.1)
    mustache (0.99.4)
    nokogiri (1.5.6)
    nokogiri (1.5.6-x86-mingw32)
    pry (0.9.12)
      coderay (~> 1.0.5)
      method_source (~> 0.8)
      slop (~> 3.4)
    pry (0.9.12-x86-mingw32)
      coderay (~> 1.0.5)
      method_source (~> 0.8)
      slop (~> 3.4)
      win32console (~> 1.3)
    rack (1.5.2)
    redcarpet (2.2.2)
    slop (3.4.3)
    terminal-table (1.4.5)
    thor (0.17.0)
    wdm (0.1.0)
    win32console (1.3.2-x86-mingw32)

PLATFORMS
  ruby
  x86-mingw32

DEPENDENCIES
  guard!
  guard-livereload!
  kramdown (~> 0.14)
  rb-inotify!
  ruhoh!
  wdm
