PATH
  remote: ../ruhoh.rb
  specs:
    ruhoh (2.0.alpha.3)
      directory_watcher (~> 1.4)
      mustache (~> 0.99)
      nokogiri (~> 1.5)
      rack (~> 1.4)
      redcarpet (~> 2.1)

GEM
  remote: http://rubygems.org/
  specs:
    columnize (0.3.6)
    debugger (1.3.1)
      columnize (>= 0.3.1)
      debugger-linecache (~> 1.1.1)
      debugger-ruby_core_source (~> 1.1.8)
    debugger-linecache (1.1.2)
      debugger-ruby_core_source (>= 1.1.1)
    debugger-ruby_core_source (1.1.8)
    directory_watcher (1.4.1)
    kramdown (0.14.2)
    mustache (0.99.4)
    nokogiri (1.5.6)
    psych (1.3.4)
    rack (1.5.2)
    redcarpet (2.2.2)

PLATFORMS
  ruby

DEPENDENCIES
  debugger
  kramdown (~> 0.14)
  psych (~> 1.3)
  ruhoh!
