GIT
  remote: git://github.com/ruhoh/ruhoh.rb
  revision: af92ff0acb12aa64b36eb997eae88931170ddb7c
  specs:
    ruhoh (2.0.alpha.3)
      directory_watcher (~> 1.4)
      mustache (~> 0.99)
      nokogiri (~> 1.5)
      rack (~> 1.4)
      redcarpet (~> 2.1)

GEM
  remote: https://rubygems.org/
  specs:
    directory_watcher (1.4.1)
    kramdown (0.14.2)
    mustache (0.99.4)
    nokogiri (1.5.6)
    nokogiri (1.5.6-x86-mingw32)
    psych (1.3.4)
    rack (1.5.2)
    redcarpet (2.2.2)

PLATFORMS
  ruby
  x86-mingw32

DEPENDENCIES
  kramdown (~> 0.14)
  psych (~> 1.3)
  ruhoh!
